PATH
  remote: .
  specs:
    prismic.io (1.8.1)
      hashery (~> 2.1.1)

GEM
  remote: https://rubygems.org/
  specs:
    diff-lcs (1.4.4)
    hashery (2.1.2)
    mini_portile2 (2.5.1)
    nokogiri (1.11.4)
      mini_portile2 (~> 2.5.0)
      racc (~> 1.4)
    racc (1.5.2)
    rspec (2.99.0)
      rspec-core (~> 2.99.0)
      rspec-expectations (~> 2.99.0)
      rspec-mocks (~> 2.99.0)
    rspec-core (2.99.2)
    rspec-expectations (2.99.2)
      diff-lcs (>= 1.1.3, < 2.0)
    rspec-mocks (2.99.4)
    yajl-ruby (1.4.1)

PLATFORMS
  ruby

DEPENDENCIES
  hashery (~> 2.1.1)
  nokogiri (~> 1.6)
  prismic.io!
  rspec (~> 2.14)
  yajl-ruby

BUNDLED WITH
   2.1.4
