PATH
  remote: .
  specs:
    prismic.io (1.4.4)
      hashery (~> 2.1.2)

GEM
  remote: https://rubygems.org/
  specs:
    codeclimate-test-reporter (1.0.7)
      simplecov
    diff-lcs (1.3)
    docile (1.1.5)
    hashery (2.1.2)
    json (2.1.0)
    json (2.1.0-java)
    mini_portile2 (2.2.0)
    nokogiri (1.8.0)
      mini_portile2 (~> 2.2.0)
    nokogiri (1.8.0-java)
    rspec (3.6.0)
      rspec-core (~> 3.6.0)
      rspec-expectations (~> 3.6.0)
      rspec-mocks (~> 3.6.0)
    rspec-core (3.6.0)
      rspec-support (~> 3.6.0)
    rspec-expectations (3.6.0)
      diff-lcs (>= 1.2.0, < 2.0)
      rspec-support (~> 3.6.0)
    rspec-mocks (3.6.0)
      diff-lcs (>= 1.2.0, < 2.0)
      rspec-support (~> 3.6.0)
    rspec-support (3.6.0)
    simplecov (0.14.1)
      docile (~> 1.1.0)
      json (>= 1.8, < 3)
      simplecov-html (~> 0.10.0)
    simplecov-html (0.10.1)
    yajl-ruby (1.3.0)

PLATFORMS
  java
  ruby

DEPENDENCIES
  bundler (~> 1.15, >= 1.15.1)
  codeclimate-test-reporter
  hashery (~> 2.1.1)
  nokogiri (~> 1.8)
  prismic.io!
  rspec (~> 3.6)
  simplecov (~> 0.14.1)
  yajl-ruby

BUNDLED WITH
   1.15.1
